GEM
  remote: https://rubygems.org/
  specs:
    CFPropertyList (2.2.8)
    airplay (1.0.3)
      CFPropertyList (~> 2.2.0)
      celluloid (>= 0.15.0)
      cuba (~> 3.1.0)
      dnssd (~> 2.0)
      log4r (~> 1.1.10)
      micromachine (~> 1.0.4)
      mime-types (>= 1.16)
      net-http-digest_auth (~> 1.2.1)
      net-ptth (= 0.0.17)
      reel-rack (~> 0.1.0)
    celluloid (0.16.0)
      timers (~> 4.0.0)
    celluloid-io (0.16.1)
      celluloid (>= 0.16.0)
      nio4r (>= 1.0.0)
    coderay (1.1.0)
    cuba (3.1.1)
      rack
    dnssd (2.0)
    ffi (1.9.6)
    hitimes (1.2.2)
    http (0.5.1)
      http_parser.rb
    http_parser.rb (0.6.0)
    listen (2.9.0)
      celluloid (>= 0.15.2)
      rb-fsevent (>= 0.9.3)
      rb-inotify (>= 0.9)
    log4r (1.1.10)
    method_source (0.8.2)
    micromachine (1.0.4)
    mime-types (2.4.3)
    net-http-digest_auth (1.2.1)
    net-ptth (0.0.17)
      celluloid-io (>= 0.15.0)
      http_parser.rb (>= 0.6.0.beta.2)
      rack (>= 1.4.5)
    nio4r (1.0.1)
    pry (0.9.12.6)
      coderay (~> 1.0)
      method_source (~> 0.8)
      slop (~> 3.4)
    rack (1.5.2)
    rb-fsevent (0.9.4)
    rb-inotify (0.9.5)
      ffi (>= 0.5.0)
    reel (0.4.0)
      celluloid (>= 0.15.1)
      celluloid-io (>= 0.15.0)
      http (>= 0.5.0)
      http_parser.rb (>= 0.6.0.beta.2)
      websocket_parser (>= 0.1.4)
    reel-rack (0.1.0)
      rack (>= 1.4.0)
      reel (>= 0.4.0)
    rerun (0.10.0)
      listen (~> 2.7, >= 2.7.3)
    slop (3.6.0)
    tilt (1.4.1)
    timers (4.0.1)
      hitimes
    websocket_parser (0.1.6)

PLATFORMS
  ruby

DEPENDENCIES
  airplay (>= 1.0.3)
  celluloid
  cuba
  http (= 0.5.1)
  pry
  rerun
  tilt
