GEM
  remote: https://rubygems.org/
  specs:
    CFPropertyList (2.2.8)
    addressable (2.3.7)
    airplay (1.0.3)
      CFPropertyList (~> 2.2.0)
      celluloid (>= 0.15.0)
      cuba (~> 3.1.0)
      dnssd (~> 2.0)
      log4r (~> 1.1.10)
      micromachine (~> 1.0.4)
      mime-types (>= 1.16)
      net-http-digest_auth (~> 1.2.1)
      net-ptth (= 0.0.17)
      reel-rack (~> 0.1.0)
    celluloid (0.16.0)
      timers (~> 4.0.0)
    celluloid-io (0.16.1)
      celluloid (>= 0.16.0)
      nio4r (>= 1.0.0)
    cuba (3.1.1)
      rack
    dnssd (2.0)
    hitimes (1.2.2)
    http (0.5.1)
      http_parser.rb
    http_parser.rb (0.6.0)
    launchy (2.4.3)
      addressable (~> 2.3)
    log4r (1.1.10)
    micromachine (1.0.4)
    mime-types (2.4.3)
    net-http-digest_auth (1.2.1)
    net-ptth (0.0.17)
      celluloid-io (>= 0.15.0)
      http_parser.rb (>= 0.6.0.beta.2)
      rack (>= 1.4.5)
    nio4r (1.0.1)
    rack (1.5.2)
    reel (0.4.0)
      celluloid (>= 0.15.1)
      celluloid-io (>= 0.15.0)
      http (>= 0.5.0)
      http_parser.rb (>= 0.6.0.beta.2)
      websocket_parser (>= 0.1.4)
    reel-rack (0.1.0)
      rack (>= 1.4.0)
      reel (>= 0.4.0)
    tilt (1.4.1)
    timers (4.0.1)
      hitimes
    websocket_parser (0.1.6)

PLATFORMS
  ruby

DEPENDENCIES
  airplay (>= 1.0.3)
  celluloid
  cuba
  http (= 0.5.1)
  launchy
  tilt
